GEM
  specs:
    concurrent-ruby (1.1.9)
    i18n (1.10.0)
      concurrent-ruby (~> 1.0)
    russian (0.6.0)
      i18n (>= 0.5.0)
    russian_obscenity (0.0.1)
    terminal-table (3.0.2)
      unicode-display_width (>= 1.1.1, < 3)
    unicode-display_width (2.1.0)

PLATFORMS
  x86_64-linux

DEPENDENCIES
  russian (~> 0.6.0)
  russian_obscenity (~> 0.0.1)
  terminal-table (~> 3.0)

BUNDLED WITH
   2.2.5
